PATH
  remote: .
  specs:
    imgfetcha (0.1.0)

GEM
  remote: https://rubygems.org/
  specs:
    rake (12.3.1)

PLATFORMS
  ruby

DEPENDENCIES
  imgfetcha!
  rake (~> 12.0)

BUNDLED WITH
   2.1.4
